GEM
  remote: https://rubygems.org/
  specs:
    actioncable (6.0.0.rc1)
      actionpack (= 6.0.0.rc1)
      nio4r (~> 2.0)
      websocket-driver (>= 0.6.1)
    actionmailbox (6.0.0.rc1)
      actionpack (= 6.0.0.rc1)
      activejob (= 6.0.0.rc1)
      activerecord (= 6.0.0.rc1)
      activestorage (= 6.0.0.rc1)
      activesupport (= 6.0.0.rc1)
      mail (>= 2.7.1)
    actionmailer (6.0.0.rc1)
      actionpack (= 6.0.0.rc1)
      actionview (= 6.0.0.rc1)
      activejob (= 6.0.0.rc1)
      mail (~> 2.5, >= 2.5.4)
      rails-dom-testing (~> 2.0)
    actionpack (6.0.0.rc1)
      actionview (= 6.0.0.rc1)
      activesupport (= 6.0.0.rc1)
      rack (~> 2.0)
      rack-test (>= 0.6.3)
      rails-dom-testing (~> 2.0)
      rails-html-sanitizer (~> 1.0, >= 1.0.2)
    actiontext (6.0.0.rc1)
      actionpack (= 6.0.0.rc1)
      activerecord (= 6.0.0.rc1)
      activestorage (= 6.0.0.rc1)
      activesupport (= 6.0.0.rc1)
      nokogiri (>= 1.8.5)
    actionview (6.0.0.rc1)
      activesupport (= 6.0.0.rc1)
      builder (~> 3.1)
      erubi (~> 1.4)
      rails-dom-testing (~> 2.0)
      rails-html-sanitizer (~> 1.0, >= 1.0.3)
    activejob (6.0.0.rc1)
      activesupport (= 6.0.0.rc1)
      globalid (>= 0.3.6)
    activemodel (6.0.0.rc1)
      activesupport (= 6.0.0.rc1)
    activerecord (6.0.0.rc1)
      activemodel (= 6.0.0.rc1)
      activesupport (= 6.0.0.rc1)
    activestorage (6.0.0.rc1)
      actionpack (= 6.0.0.rc1)
      activejob (= 6.0.0.rc1)
      activerecord (= 6.0.0.rc1)
      marcel (~> 0.3.1)
    activesupport (6.0.0.rc1)
      concurrent-ruby (~> 1.0, >= 1.0.2)
      i18n (>= 0.7, < 2)
      minitest (~> 5.1)
      tzinfo (~> 1.1)
      zeitwerk (~> 2.1, >= 2.1.4)
    bindex (0.7.0)
    bootsnap (1.4.4)
      msgpack (~> 1.0)
    builder (3.2.3)
    byebug (11.0.1)
    concurrent-ruby (1.1.5)
    crass (1.0.5)
    diff-lcs (1.3)
    erubi (1.8.0)
    factory_bot (5.0.2)
      activesupport (>= 4.2.0)
    factory_bot_rails (5.0.2)
      factory_bot (~> 5.0.2)
      railties (>= 4.2.0)
    ffi (1.11.1)
    globalid (0.4.2)
      activesupport (>= 4.2.0)
    graphiql-rails (1.7.0)
      railties
      sprockets-rails
    graphql (1.9.6)
    i18n (1.6.0)
      concurrent-ruby (~> 1.0)
    jbuilder (2.9.1)
      activesupport (>= 4.2.0)
    listen (3.1.5)
      rb-fsevent (~> 0.9, >= 0.9.4)
      rb-inotify (~> 0.9, >= 0.9.7)
      ruby_dep (~> 1.2)
    loofah (2.3.1)
      crass (~> 1.0.2)
      nokogiri (>= 1.5.9)
    mail (2.7.1)
      mini_mime (>= 0.1.1)
    marcel (0.3.3)
      mimemagic (~> 0.3.2)
    method_source (0.9.2)
    mimemagic (0.3.3)
    mini_mime (1.0.1)
    mini_portile2 (2.4.0)
    minitest (5.11.3)
    msgpack (1.2.10)
    nio4r (2.3.1)
    nokogiri (1.10.5)
      mini_portile2 (~> 2.4.0)
    pg (1.1.4)
    puma (3.12.1)
    rack (2.0.7)
    rack-proxy (0.6.5)
      rack
    rack-test (1.1.0)
      rack (>= 1.0, < 3)
    rails (6.0.0.rc1)
      actioncable (= 6.0.0.rc1)
      actionmailbox (= 6.0.0.rc1)
      actionmailer (= 6.0.0.rc1)
      actionpack (= 6.0.0.rc1)
      actiontext (= 6.0.0.rc1)
      actionview (= 6.0.0.rc1)
      activejob (= 6.0.0.rc1)
      activemodel (= 6.0.0.rc1)
      activerecord (= 6.0.0.rc1)
      activestorage (= 6.0.0.rc1)
      activesupport (= 6.0.0.rc1)
      bundler (>= 1.3.0)
      railties (= 6.0.0.rc1)
      sprockets-rails (>= 2.0.0)
    rails-dom-testing (2.0.3)
      activesupport (>= 4.2.0)
      nokogiri (>= 1.6)
    rails-html-sanitizer (1.0.4)
      loofah (~> 2.2, >= 2.2.2)
    railties (6.0.0.rc1)
      actionpack (= 6.0.0.rc1)
      activesupport (= 6.0.0.rc1)
      method_source
      rake (>= 0.8.7)
      thor (>= 0.20.3, < 2.0)
    rake (12.3.2)
    rb-fsevent (0.10.3)
    rb-inotify (0.10.0)
      ffi (~> 1.0)
    rspec-core (3.8.0)
      rspec-support (~> 3.8.0)
    rspec-expectations (3.8.3)
      diff-lcs (>= 1.2.0, < 2.0)
      rspec-support (~> 3.8.0)
    rspec-mocks (3.8.0)
      diff-lcs (>= 1.2.0, < 2.0)
      rspec-support (~> 3.8.0)
    rspec-rails (4.0.0.beta2)
      actionpack (>= 4.2)
      activesupport (>= 4.2)
      railties (>= 4.2)
      rspec-core (~> 3.8)
      rspec-expectations (~> 3.8)
      rspec-mocks (~> 3.8)
      rspec-support (~> 3.8)
    rspec-support (3.8.0)
    ruby_dep (1.5.0)
    sass (3.7.4)
      sass-listen (~> 4.0.0)
    sass-listen (4.0.0)
      rb-fsevent (~> 0.9, >= 0.9.4)
      rb-inotify (~> 0.9, >= 0.9.7)
    sass-rails (5.0.7)
      railties (>= 4.0.0, < 6)
      sass (~> 3.1)
      sprockets (>= 2.8, < 4.0)
      sprockets-rails (>= 2.0, < 4.0)
      tilt (>= 1.1, < 3)
    sprockets (3.7.2)
      concurrent-ruby (~> 1.0)
      rack (> 1, < 3)
    sprockets-rails (3.2.1)
      actionpack (>= 4.0)
      activesupport (>= 4.0)
      sprockets (>= 3.0.0)
    thor (0.20.3)
    thread_safe (0.3.6)
    tilt (2.0.9)
    tzinfo (1.2.5)
      thread_safe (~> 0.1)
    web-console (4.0.0)
      actionview (>= 6.0.0.a)
      activemodel (>= 6.0.0.a)
      bindex (>= 0.4.0)
      railties (>= 6.0.0.a)
    webpacker (4.0.7)
      activesupport (>= 4.2)
      rack-proxy (>= 0.6.1)
      railties (>= 4.2)
    websocket-driver (0.7.0)
      websocket-extensions (>= 0.1.0)
    websocket-extensions (0.1.3)
    zeitwerk (2.1.6)

PLATFORMS
  ruby

DEPENDENCIES
  bootsnap (>= 1.4.2)
  byebug
  factory_bot_rails (~> 5.0)
  graphiql-rails
  graphql (~> 1.9)
  jbuilder (~> 2.5)
  listen (>= 3.0.5, < 3.2)
  pg (>= 0.18, < 2.0)
  puma (~> 3.11)
  rails (~> 6.0.0.rc1)
  rspec-rails (= 4.0.0.beta2)
  sass-rails (~> 5)
  tzinfo-data
  web-console (>= 3.3.0)
  webpacker (~> 4.0)

RUBY VERSION
   ruby 2.6.3p62

BUNDLED WITH
   2.0.1
